PATH
  remote: ..
  specs:
    aws-kclrb (1.0.0)
      multi_json (~> 1.0)

GEM
  remote: https://rubygems.org/
  specs:
    byebug (3.5.1)
      columnize (~> 0.8)
      debugger-linecache (~> 1.2)
      slop (~> 3.6)
    columnize (0.9.0)
    debugger-linecache (1.2.0)
    multi_json (1.10.1)
    rake (10.4.2)
    slop (3.6.0)

PLATFORMS
  ruby

DEPENDENCIES
  aws-kclrb!
  byebug
  rake
